GIT
  remote: git://github.com/skrill/holoserve.git
  revision: e2c1231555037404802bd199a7f28d44e6252893
  branch: master
  specs:
    holoserve (0.4.1)
      coffee-script
      goliath
      kwalify
      sass
      slim

GEM
  remote: http://rubygems.org/
  specs:
    async-rack (0.5.1)
      rack (~> 1.1)
    builder (3.0.0)
    coffee-script (2.2.0)
      coffee-script-source
      execjs
    coffee-script-source (1.3.3)
    cucumber (1.1.3)
      builder (>= 2.1.2)
      diff-lcs (>= 1.1.2)
      gherkin (~> 2.6.7)
      json (>= 1.4.6)
      term-ansicolor (>= 1.0.6)
    diff-lcs (1.1.3)
    em-synchrony (1.0.1)
      eventmachine (>= 1.0.0.beta.1)
    eventmachine (1.0.0.beta.4)
    execjs (1.4.0)
      multi_json (~> 1.0)
    gherkin (2.6.8)
      json (>= 1.4.6)
    goliath (0.9.4)
      async-rack
      em-synchrony (>= 1.0.0)
      eventmachine (>= 1.0.0.beta.3)
      http_parser.rb
      http_router (~> 0.9.0)
      log4r
      multi_json
      rack (>= 1.2.2)
      rack-contrib
      rack-respond_to
    http_parser.rb (0.5.3)
    http_router (0.9.7)
      rack (>= 1.0.0)
      url_mount (~> 0.2.1)
    json (1.6.3)
    kwalify (0.7.2)
    log4r (1.1.10)
    multi_json (1.3.6)
    rack (1.4.1)
    rack-accept-media-types (0.9)
    rack-contrib (1.1.0)
      rack (>= 0.9.1)
    rack-respond_to (0.9.8)
      rack-accept-media-types (>= 0.6)
    rake (0.9.2.2)
    rdoc (3.11)
      json (~> 1.4)
    rspec (2.7.0)
      rspec-core (~> 2.7.0)
      rspec-expectations (~> 2.7.0)
      rspec-mocks (~> 2.7.0)
    rspec-core (2.7.1)
    rspec-expectations (2.7.0)
      diff-lcs (~> 1.1.2)
    rspec-mocks (2.7.0)
    sass (3.1.19)
    slim (1.2.1)
      temple (~> 0.4.0)
      tilt (~> 1.3.3)
    temple (0.4.0)
    term-ansicolor (1.0.7)
    tilt (1.3.3)
    transport (1.0.3)
    url_mount (0.2.1)
      rack

PLATFORMS
  ruby

DEPENDENCIES
  cucumber
  holoserve!
  rake
  rdoc
  rspec
  transport
